GEM
  remote: https://rubygems.org/
  specs:
    addressable (2.8.0)
      public_suffix (>= 2.0.2, < 5.0)
    byebug (11.1.1)
    coderay (1.1.2)
    colorize (0.8.1)
    concurrent-ruby (1.1.6)
    connection_pool (2.2.5)
    domain_name (0.5.20190701)
      unf (>= 0.0.5, < 1.0.0)
    git (1.6.0)
      rchardet (~> 1.8)
    http-cookie (1.0.5)
      domain_name (~> 0.5)
    i18n (1.8.2)
      concurrent-ruby (~> 1.0)
    mechanize (2.8.5)
      addressable (~> 2.8)
      domain_name (~> 0.5, >= 0.5.20190701)
      http-cookie (~> 1.0, >= 1.0.3)
      mime-types (~> 3.0)
      net-http-digest_auth (~> 1.4, >= 1.4.1)
      net-http-persistent (>= 2.5.2, < 5.0.dev)
      nokogiri (~> 1.11, >= 1.11.2)
      rubyntlm (~> 0.6, >= 0.6.3)
      webrick (~> 1.7)
      webrobots (~> 0.1.2)
    method_source (1.0.0)
    mime-types (3.4.1)
      mime-types-data (~> 3.2015)
    mime-types-data (3.2022.0105)
    mini_portile2 (2.8.0)
    mysql2 (0.5.3)
    net-http-digest_auth (1.4.1)
    net-http-persistent (4.0.1)
      connection_pool (~> 2.2)
    nokogiri (1.13.6)
      mini_portile2 (~> 2.8.0)
      racc (~> 1.4)
    paint (2.2.0)
    pry (0.13.0)
      coderay (~> 1.1)
      method_source (~> 1.0)
    public_suffix (4.0.7)
    racc (1.6.0)
    rchardet (1.8.0)
    rubyntlm (0.6.3)
    terminal-table (1.8.0)
      unicode-display_width (~> 1.1, >= 1.1.1)
    unf (0.1.4)
      unf_ext
    unf_ext (0.0.8.2)
    unicode-display_width (1.7.0)
    webrick (1.7.0)
    webrobots (0.1.2)

PLATFORMS
  ruby

DEPENDENCIES
  byebug
  colorize
  git
  i18n
  mechanize
  mysql2
  paint
  pry
  terminal-table

BUNDLED WITH
   2.1.2
